GEM
  remote: http://rubygems.org/
  specs:
    imdb (0.8.2)
      nokogiri (= 1.6.2.1)
    mini_portile (0.6.0)
    nokogiri (1.6.2.1-x64-mingw32)
      mini_portile (= 0.6.0)
    rack (1.6.0)
    rack-protection (1.5.3)
      rack
    sinatra (1.4.6)
      rack (~> 1.4)
      rack-protection (~> 1.4)
      tilt (>= 1.3, < 3)
    tilt (2.0.1)

PLATFORMS
  x64-mingw32

DEPENDENCIES
  imdb
  nokogiri (= 1.6.2.1)
  sinatra
